GEM
  remote: https://rubygems.org/
  specs:
    byebug (11.1.3)
    mustermann (1.0.3)
    rack (2.0.6)
    rack-protection (2.0.5)
      rack
    sinatra (2.0.5)
      mustermann (~> 1.0)
      rack (~> 2.0)
      rack-protection (= 2.0.5)
      tilt (~> 2.0)
    sinatra-flash (0.3.0)
      sinatra (>= 1.0.0)
    tilt (2.0.9)

PLATFORMS
  ruby

DEPENDENCIES
  byebug
  sinatra (>= 2.0)
  sinatra-flash

RUBY VERSION
   ruby 2.4.5p335

BUNDLED WITH
   1.17.3
