GEM
  remote: https://rubygems.org/
  specs:
    base64 (0.3.0)
    csv (3.3.5)
    erubis (2.7.0)
    excon (1.2.5)
      logger
    heroics (0.1.3)
      base64
      erubis (~> 2.0)
      excon
      moneta
      multi_json (>= 1.9.2)
      webrick
    logger (1.7.0)
    moneta (1.0.0)
    multi_json (1.15.0)
    platform-api (3.8.0)
      heroics (~> 0.1.1)
      moneta (~> 1.0.0)
      rate_throttle_client (~> 0.1.0)
    rate_throttle_client (0.1.2)
    webrick (1.9.1)
    yaml (0.4.0)

PLATFORMS
  ruby

DEPENDENCIES
  csv
  platform-api
  yaml

RUBY VERSION
   ruby 2.7.8p225

BUNDLED WITH
   2.1.4
