GEM
  remote: https://rubygems.org/
  specs:
    mustermann (1.0.3)
    rack (2.2.8.1)
    rack-protection (2.0.5)
      rack
    sinatra (2.0.5)
      mustermann (~> 1.0)
      rack (~> 2.0)
      rack-protection (= 2.0.5)
      tilt (~> 2.0)
    sinatra-flash (0.3.0)
      sinatra (>= 1.0.0)
    tilt (2.0.9)

PLATFORMS
  ruby

DEPENDENCIES
  sinatra (>= 2.0)
  sinatra-flash

RUBY VERSION
   ruby 2.3.1p112

BUNDLED WITH
   1.17.3
